GEM
  remote: https://rubygems.org/
  specs:
    addressable (2.4.0)
    dotenv (2.1.0)
    faraday (0.9.2)
      multipart-post (>= 1.2, < 3)
    googleauth (0.5.1)
      faraday (~> 0.9)
      jwt (~> 1.4)
      logging (~> 2.0)
      memoist (~> 0.12)
      multi_json (~> 1.11)
      os (~> 0.9)
      signet (~> 0.7)
    jwt (1.5.2)
    little-plugger (1.1.4)
    logging (2.0.0)
      little-plugger (~> 1.1)
      multi_json (~> 1.10)
    memoist (0.14.0)
    multi_json (1.11.2)
    multipart-post (2.0.0)
    os (0.9.6)
    signet (0.7.2)
      addressable (~> 2.3)
      faraday (~> 0.9)
      jwt (~> 1.5)
      multi_json (~> 1.10)

PLATFORMS
  ruby

DEPENDENCIES
  dotenv
  faraday
  googleauth

BUNDLED WITH
   1.11.2
